GEM
  remote: https://rubygems.org/
  specs:
    haml (3.1.7)
    i18n (0.6.1)
    i18n-translators-tools (0.2.4)
      i18n (>= 0.5.0)
      ya2yaml
    json (1.5.4)
    mime-types (1.19)
    open4 (1.3.0)
    rack (1.6.12)
    rack-protection (1.2.0)
      rack
    rest-client (1.6.7)
      mime-types (>= 1.16)
    sass (3.2.1)
    sinatra (1.3.3)
      rack (~> 1.3, >= 1.3.6)
      rack-protection (~> 1.2)
      tilt (~> 1.3, >= 1.3.3)
    tilt (1.3.3)
    ya2yaml (0.31)

PLATFORMS
  ruby

DEPENDENCIES
  haml
  i18n-translators-tools
  json
  open4
  rest-client
  sass
  sinatra
